GEM
  remote: http://rubygems.org/
  specs:
    activemodel (3.1.1)
      activesupport (= 3.1.1)
      builder (~> 3.0.0)
      i18n (~> 0.6)
    activesupport (3.1.1)
      multi_json (~> 1.0)
    archive-tar-minitar (0.5.2)
    bson (1.4.1)
    bson_ext (1.4.1)
    builder (3.0.0)
    columnize (0.3.4)
    database_cleaner (0.6.7)
    diff-lcs (1.1.3)
    git (1.2.5)
    i18n (0.6.0)
    jeweler (1.6.4)
      bundler (~> 1.0)
      git (>= 1.2.5)
      rake
    json (1.6.1)
    linecache19 (0.5.12)
      ruby_core_source (>= 0.1.4)
    mongo (1.4.1)
      bson (= 1.4.1)
    mongoid (2.3.2)
      activemodel (~> 3.1)
      mongo (~> 1.4)
      tzinfo (~> 0.3.22)
    mongoid-rspec (1.4.4)
      mongoid (~> 2.0)
      rspec (~> 2)
    multi_json (1.0.3)
    rake (0.9.2.2)
    rdoc (3.11)
      json (~> 1.4)
    rspec (2.7.0)
      rspec-core (~> 2.7.0)
      rspec-expectations (~> 2.7.0)
      rspec-mocks (~> 2.7.0)
    rspec-core (2.7.1)
    rspec-expectations (2.7.0)
      diff-lcs (~> 1.1.2)
    rspec-mocks (2.7.0)
    ruby-debug-base19 (0.11.25)
      columnize (>= 0.3.1)
      linecache19 (>= 0.5.11)
      ruby_core_source (>= 0.1.4)
    ruby-debug19 (0.11.6)
      columnize (>= 0.3.1)
      linecache19 (>= 0.5.11)
      ruby-debug-base19 (>= 0.11.19)
    ruby_core_source (0.1.5)
      archive-tar-minitar (>= 0.5.2)
    tzinfo (0.3.30)

PLATFORMS
  ruby

DEPENDENCIES
  bson_ext (>= 1.4)
  database_cleaner
  jeweler
  mongoid (~> 2.3)
  mongoid-rspec
  rdoc
  rspec
  ruby-debug19
